GEM
  remote: http://rubygems.org/
  specs:
    cleverbot (0.1.1)
      httparty (~> 0.8.0)
    httparty (0.8.3)
      multi_json (~> 1.0)
      multi_xml
    multi_json (1.3.4)
    multi_xml (0.5.1)

PLATFORMS
  ruby

DEPENDENCIES
  cleverbot (~> 0.1.1)
